GEM
  remote: http://rubygems.org/
  specs:
    POpen4 (0.1.4)
      Platform (>= 0.4.0)
      open4
    Platform (0.4.0)
    actionmailer (2.3.11)
      actionpack (= 2.3.11)
    actionpack (2.3.11)
      activesupport (= 2.3.11)
      rack (~> 1.1.0)
    activerecord (2.3.11)
      activesupport (= 2.3.11)
    activeresource (2.3.11)
      activesupport (= 2.3.11)
    activesupport (2.3.11)
    acts_as_geocodable (2.0.3)
      graticule (>= 2.0.0)
    addressable (2.3.6)
    aws-s3 (0.6.3)
      builder
      mime-types
      xml-simple
    builder (3.2.2)
    closure-compiler (1.1.1)
    cocaine (0.4.2)
    daemons (1.1.9)
    eventmachine (1.0.3)
    excon (0.20.1)
    graticule (2.4.0)
      activesupport
      happymapper (>= 0.3.0)
      i18n
      json
    happymapper (0.4.1)
      libxml-ruby (~> 2.0)
    heroku (2.39.2)
      heroku-api (~> 0.3.7)
      launchy (>= 0.3.2)
      netrc (~> 0.7.7)
      rest-client (~> 1.6.1)
      rubyzip
    heroku-api (0.3.9)
      excon (~> 0.20.1)
    i18n (0.3.7)
    jammit (0.6.0)
      closure-compiler (>= 0.1.0)
      yui-compressor (>= 0.9.1)
    json (1.8.1)
    launchy (2.3.0)
      addressable (~> 2.3)
    libxml-ruby (2.7.0)
    mime-types (1.23)
    mysql (2.8.1)
    netrc (0.7.7)
    open4 (1.3.0)
    paperclip (2.4.5)
      activerecord (>= 2.3.0)
      activesupport (>= 2.3.2)
      cocaine (>= 0.0.2)
      mime-types
    rack (1.1.6)
    rails (2.3.11)
      actionmailer (= 2.3.11)
      actionpack (= 2.3.11)
      activerecord (= 2.3.11)
      activeresource (= 2.3.11)
      activesupport (= 2.3.11)
      rake (>= 0.8.3)
    rake (10.3.2)
    rest-client (1.6.7)
      mime-types (>= 1.16)
    rmagick (2.13.2)
    rubyzip (0.9.9)
    thin (1.2.11)
      daemons (>= 1.0.9)
      eventmachine (>= 0.12.6)
      rack (>= 1.0.0)
    which_browser (0.1.2)
      rack (>= 1.0.1)
    will_paginate (2.3.14)
    xml-simple (1.1.2)
    yui-compressor (0.9.6)
      POpen4 (>= 0.1.4)

PLATFORMS
  ruby

DEPENDENCIES
  acts_as_geocodable
  aws-s3
  closure-compiler (= 1.1.1)
  graticule (= 2.4.0)
  heroku
  i18n (= 0.3.7)
  jammit (= 0.6.0)
  mysql (= 2.8.1)
  paperclip (= 2.4.5)
  rails (= 2.3.11)
  rmagick
  thin (= 1.2.11)
  which_browser (= 0.1.2)
  will_paginate (= 2.3.14)
